PATH
  remote: .
  specs:
    patentagent (0.0.3)
      nokogiri
      rest-client

GEM
  remote: http://rubygems.org/
  specs:
    addressable (2.3.5)
    crack (0.4.0)
      safe_yaml (~> 0.9.0)
    diff-lcs (1.1.3)
    mime-types (1.21)
    nokogiri (1.5.6)
    rake (10.0.3)
    rest-client (1.6.7)
      mime-types (>= 1.16)
    rspec (2.12.0)
      rspec-core (~> 2.12.0)
      rspec-expectations (~> 2.12.0)
      rspec-mocks (~> 2.12.0)
    rspec-core (2.12.2)
    rspec-expectations (2.12.1)
      diff-lcs (~> 1.1.3)
    rspec-mocks (2.12.2)
    safe_yaml (0.9.4)
    vcr (2.5.0)
    webmock (1.13.0)
      addressable (>= 2.2.7)
      crack (>= 0.3.2)

PLATFORMS
  ruby

DEPENDENCIES
  patentagent!
  rake
  rspec
  vcr
  webmock
