PATH
  remote: .
  specs:
    patentagent (0.4.0.pre)
      nokogiri (~> 1.5, >= 1.5.6)
      typhoeus (~> 0.6, >= 0.6.8)

GEM
  remote: http://rubygems.org/
  specs:
    addressable (2.3.5)
    binding_of_caller (0.7.2)
      debug_inspector (>= 0.0.1)
    celluloid (0.16.0.pre)
      timers (~> 2.0.0)
    celluloid-io (0.16.0.pre)
      celluloid (>= 0.16.0.pre)
      nio4r (>= 1.0.0)
    coderay (1.1.0)
    crack (0.4.0)
      safe_yaml (~> 0.9.0)
    debug_inspector (0.0.2)
    diff-lcs (1.1.3)
    ethon (0.7.0)
      ffi (>= 1.3.0)
    ffi (1.9.3)
    formatador (0.2.4)
    guard (2.6.0)
      formatador (>= 0.2.4)
      listen (~> 2.7)
      lumberjack (~> 1.0)
      pry (>= 0.9.12)
      thor (>= 0.18.1)
    guard-rspec (2.5.4)
      guard (>= 1.1)
      rspec (~> 2.11)
    hitimes (1.2.1)
    interception (0.5)
    listen (2.7.3)
      celluloid (>= 0.15.2)
      celluloid-io (>= 0.15.0)
      rb-fsevent (>= 0.9.3)
      rb-inotify (>= 0.9)
    lumberjack (1.0.5)
    method_source (0.8.2)
    nio4r (1.0.0)
    nokogiri (1.5.6)
    pry (0.9.12.6)
      coderay (~> 1.0)
      method_source (~> 0.8)
      slop (~> 3.4)
    pry-rescue (1.4.1)
      interception (>= 0.5)
      pry
    pry-stack_explorer (0.4.9.1)
      binding_of_caller (>= 0.7)
      pry (>= 0.9.11)
    rake (10.0.3)
    rb-fsevent (0.9.4)
    rb-inotify (0.9.4)
      ffi (>= 0.5.0)
    rspec (2.12.0)
      rspec-core (~> 2.12.0)
      rspec-expectations (~> 2.12.0)
      rspec-mocks (~> 2.12.0)
    rspec-core (2.12.2)
    rspec-expectations (2.12.1)
      diff-lcs (~> 1.1.3)
    rspec-mocks (2.12.2)
    safe_yaml (0.9.4)
    slop (3.5.0)
    thor (0.19.1)
    timecop (0.7.1)
    timers (2.0.0)
      hitimes
    typhoeus (0.6.8)
      ethon (>= 0.7.0)
    vcr (2.5.0)
    webmock (1.13.0)
      addressable (>= 2.2.7)
      crack (>= 0.3.2)

PLATFORMS
  ruby

DEPENDENCIES
  guard-rspec
  patentagent!
  pry-rescue
  pry-stack_explorer
  rake
  rb-fsevent
  rspec (>= 2.12.0)
  timecop (~> 0.7.1)
  vcr (>= 2.5.0)
  webmock (>= 1.12.0)
